GEM
  remote: https://rubygems.org/
  specs:
    commonmarker (0.23.8)
    kramdown (2.4.0)
      rexml
    mini_portile2 (2.8.1)
    nokogiri (1.13.10)
      mini_portile2 (~> 2.8.0)
      racc (~> 1.4)
    racc (1.6.2)
    rexml (3.2.5)

PLATFORMS
  ruby

DEPENDENCIES
  commonmarker (>= 0.23.4)
  kramdown (>= 2.3.1)
  nokogiri (>= 1.13.6)
